GEM
  remote: https://rubygems.org/
  specs:
    addressable (2.2.8)
    builder (3.0.0)
    childprocess (0.3.2)
      ffi (~> 1.0.6)
    cucumber (1.1.9)
      builder (>= 2.1.2)
      diff-lcs (>= 1.1.2)
      gherkin (~> 2.9.0)
      json (>= 1.4.6)
      term-ansicolor (>= 1.0.6)
    diff-lcs (1.1.3)
    ffi (1.0.11)
    gherkin (2.9.3)
      json (>= 1.4.6)
    headless (0.3.1)
    json (1.7.0)
    libwebsocket (0.1.3)
      addressable
    multi_json (1.3.4)
    rspec (2.10.0)
      rspec-core (~> 2.10.0)
      rspec-expectations (~> 2.10.0)
      rspec-mocks (~> 2.10.0)
    rspec-core (2.10.0)
    rspec-expectations (2.10.0)
      diff-lcs (~> 1.1.3)
    rspec-mocks (2.10.0)
    rubyzip (0.9.8)
    selenium-webdriver (2.21.2)
      childprocess (>= 0.2.5)
      ffi (~> 1.0)
      libwebsocket (~> 0.1.3)
      multi_json (~> 1.0)
      rubyzip
    term-ansicolor (1.0.7)
    watir-webdriver (0.5.6)
      selenium-webdriver (>= 2.18.0)
    zmq (2.1.4)

PLATFORMS
  ruby

DEPENDENCIES
  cucumber
  headless
  rspec
  watir-webdriver
  zmq
